GEM
  remote: https://rubygems.org/
  specs:
    aqueductron (0.0.2)
    diff-lcs (1.2.5)
    generative (0.1.0)
      rspec
    rspec (2.14.1)
      rspec-core (~> 2.14.0)
      rspec-expectations (~> 2.14.0)
      rspec-mocks (~> 2.14.0)
    rspec-core (2.14.7)
    rspec-expectations (2.14.4)
      diff-lcs (>= 1.1.3, < 2.0)
    rspec-mocks (2.14.4)

PLATFORMS
  ruby

DEPENDENCIES
  aqueductron
  generative
  rspec
