GEM
  remote: https://rubygems.org/
  specs:
    aqueductron (0.0.2)

PLATFORMS
  ruby

DEPENDENCIES
  aqueductron
