GIT
  remote: git://github.com/jessitron/generative.git
  revision: ce8594b58497dc51cd295bd005603822953aed8a
  ref: generatron
  specs:
    generative (0.1.0)
      rspec

GEM
  remote: https://rubygems.org/
  specs:
    aqueductron (0.0.2)
    diff-lcs (1.2.5)
    rspec (2.14.1)
      rspec-core (~> 2.14.0)
      rspec-expectations (~> 2.14.0)
      rspec-mocks (~> 2.14.0)
    rspec-core (2.14.7)
    rspec-expectations (2.14.4)
      diff-lcs (>= 1.1.3, < 2.0)
    rspec-mocks (2.14.4)

PLATFORMS
  ruby

DEPENDENCIES
  aqueductron
  generative!
  rspec
